PATH
  remote: .
  specs:
    rlox (0.1.0)

GEM
  remote: https://rubygems.org/
  specs:
    minitest (5.24.1)
    rake (13.2.1)

PLATFORMS
  arm64-darwin-23
  ruby

DEPENDENCIES
  minitest (~> 5.16)
  rake (~> 13.0)
  rlox!

BUNDLED WITH
   2.5.11
